GEM
  remote: https://rubygems.org/
  specs:
    builder (3.2.2)
    jwt (1.5.6)
    mini_portile2 (2.1.0)
    multi_json (1.12.1)
    nokogiri (1.6.8.1)
      mini_portile2 (~> 2.1.0)
    twilio-ruby (4.11.1)
      builder (>= 2.1.2)
      jwt (~> 1.0)
      multi_json (>= 1.3.0)

PLATFORMS
  ruby

DEPENDENCIES
  nokogiri
  twilio-ruby (~> 4.11.1)

BUNDLED WITH
   1.13.5
